GEM
  remote: http://rubygems.org/
  specs:
    aaronh-chronic (0.3.9)
    actionmailer (2.3.8)
      actionpack (= 2.3.8)
    actionpack (2.3.8)
      activesupport (= 2.3.8)
      rack (~> 1.1.0)
    activerecord (2.3.8)
      activesupport (= 2.3.8)
    activeresource (2.3.8)
      activesupport (= 2.3.8)
    activesupport (2.3.8)
    after_commit (1.0.8)
      activerecord (< 3.0.0)
    amatch (0.2.5)
    capistrano (2.5.19)
      highline
      net-scp (>= 1.0.0)
      net-sftp (>= 2.0.0)
      net-ssh (>= 2.0.14)
      net-ssh-gateway (>= 1.0.0)
    capistrano-ext (1.2.1)
      capistrano (>= 1.0.0)
    cgi_multipart_eof_fix (2.5.0)
    columnize (0.3.1)
    daemons (1.1.0)
    eventmachine (0.12.10)
    factory_girl (1.2.4)
    faker (0.3.1)
    fastthread (1.0.7)
    gem_plugin (0.2.3)
    highline (1.6.1)
    linecache (0.43)
    metaid (1.0)
    mongrel (1.1.5)
      cgi_multipart_eof_fix (>= 2.4)
      daemons (>= 1.0.3)
      fastthread (>= 1.0.1)
      gem_plugin (>= 0.2.3)
    mysql (2.8.1)
    net-scp (1.0.4)
      net-ssh (>= 1.99.1)
    net-sftp (2.0.5)
      net-ssh (>= 2.0.9)
    net-ssh (2.0.23)
    net-ssh-gateway (1.0.1)
      net-ssh (>= 1.99.1)
    rack (1.1.0)
    rails (2.3.8)
      actionmailer (= 2.3.8)
      actionpack (= 2.3.8)
      activerecord (= 2.3.8)
      activeresource (= 2.3.8)
      activesupport (= 2.3.8)
      rake (>= 0.8.3)
    rake (0.8.7)
    riddle (1.2.2)
    roleful (0.0.4)
      metaid
    rspec (1.3.1)
    rspec-rails (1.3.3)
      rack (>= 1.0.0)
      rspec (= 1.3.1)
    ruby-debug (0.10.3)
      columnize (>= 0.1)
      ruby-debug-base (~> 0.10.3.0)
    ruby-debug-base (0.10.3)
      linecache (>= 0.3)
    thin (1.2.7)
      daemons (>= 1.0.9)
      eventmachine (>= 0.12.6)
      rack (>= 1.0.0)
    thinking-sphinx (1.4.1)
      activerecord (>= 1.15.6, < 3.0.0)
      after_commit (>= 1.0.7)
      riddle (>= 1.2.0)
    whenever (0.6.2)
      aaronh-chronic (>= 0.3.9)
      activesupport (>= 2.3.4)
    wirble (0.1.3)
    ym4r (0.6.1)

PLATFORMS
  ruby

DEPENDENCIES
  amatch
  capistrano
  capistrano-ext
  factory_girl (= 1.2.4)
  faker
  mongrel
  mysql
  rails (= 2.3.8)
  roleful
  rspec (< 2.0.0)
  rspec-rails (< 2.0.0)
  ruby-debug
  thin
  thinking-sphinx (= 1.4.1)
  whenever
  wirble
  ym4r
